PATH
  remote: .
  specs:
    salesforce_test_data_factory (0.1.0)
      activesupport (~> 5.0.0)
      dotenv
      mustache (~> 1.0)
      restforce (~> 2.5.3)

GEM
  remote: https://rubygems.org/
  specs:
    activesupport (5.0.6)
      concurrent-ruby (~> 1.0, >= 1.0.2)
      i18n (~> 0.7)
      minitest (~> 5.1)
      tzinfo (~> 1.1)
    coderay (1.1.2)
    concurrent-ruby (1.0.5)
    diff-lcs (1.3)
    dotenv (2.2.1)
    faraday (0.14.0)
      multipart-post (>= 1.2, < 3)
    faraday_middleware (0.12.2)
      faraday (>= 0.7.4, < 1.0)
    hashie (3.5.7)
    i18n (0.9.5)
      concurrent-ruby (~> 1.0)
    json (2.1.0)
    method_source (0.9.0)
    minitest (5.11.3)
    multipart-post (2.0.0)
    mustache (1.0.5)
    pry (0.11.3)
      coderay (~> 1.1.0)
      method_source (~> 0.9.0)
    rake (10.5.0)
    restforce (2.5.3)
      faraday (>= 0.9.0, <= 1.0)
      faraday_middleware (>= 0.8.8, <= 1.0)
      hashie (>= 1.2.0, < 4.0)
      json (>= 1.7.5)
    rspec (3.7.0)
      rspec-core (~> 3.7.0)
      rspec-expectations (~> 3.7.0)
      rspec-mocks (~> 3.7.0)
    rspec-core (3.7.1)
      rspec-support (~> 3.7.0)
    rspec-expectations (3.7.0)
      diff-lcs (>= 1.2.0, < 2.0)
      rspec-support (~> 3.7.0)
    rspec-mocks (3.7.0)
      diff-lcs (>= 1.2.0, < 2.0)
      rspec-support (~> 3.7.0)
    rspec-support (3.7.1)
    thread_safe (0.3.6)
    tzinfo (1.2.5)
      thread_safe (~> 0.1)

PLATFORMS
  ruby

DEPENDENCIES
  bundler (~> 1.16)
  pry
  rake (~> 10.0)
  rspec (~> 3.0)
  salesforce_test_data_factory!

BUNDLED WITH
   1.16.1
